GEM
  remote: https://rubygems.org/
  specs:
    activesupport (5.0.2)
      concurrent-ruby (~> 1.0, >= 1.0.2)
      i18n (~> 0.7)
      minitest (~> 5.1)
      tzinfo (~> 1.1)
    claide (1.0.0)
    colored (1.2)
    concurrent-ruby (1.0.5)
    i18n (0.8.1)
    ib (1.0.1)
      thor (~> 0.19.1)
      tilt (~> 2.0.3)
      xcodeproj (~> 1.0)
    minitest (5.10.1)
    rake (11.2.2)
    sugarcube (3.4.0)
    thor (0.19.4)
    thread_safe (0.3.6)
    tilt (2.0.5)
    tzinfo (1.2.10)
      thread_safe (~> 0.1)
    xcodeproj (1.3.1)
      activesupport (>= 3)
      claide (>= 1.0.0, < 2.0)
      colored (~> 1.2)

PLATFORMS
  ruby

DEPENDENCIES
  ib
  rake
  sugarcube

BUNDLED WITH
   1.15.3
